NUGET
  remote: https://nuget.org/api/v2
  specs:
    FAKE (3.9.8)
    FSharp.Compiler.Service (0.0.67)
    FSharp.Formatting (2.4.36)
      FSharp.Compiler.Service (0.0.67)
      Microsoft.AspNet.Razor (2.0.30506.0)
      RazorEngine (3.3.0)
    FsReveal (0.1.5)
      FSharp.Formatting (>= 2.4.36)
    Microsoft.AspNet.Razor (2.0.30506.0)
    RazorEngine (3.3.0)
      Microsoft.AspNet.Razor (>= 2.0.30506.0)
    Suave (0.17.0)
