NUGET
  remote: https://nuget.org/api/v2
  specs:
    FAKE (3.27.2)
    FSharp.Compiler.Service (0.0.87)
    FSharp.Core (3.1.2.1)
    FSharp.Formatting (2.8.0)
      FSharp.Compiler.Service (>= 0.0.86)
      FSharpVSPowerTools.Core (>= 1.7.0)
    FSharpVSPowerTools.Core (1.7.0)
      FSharp.Compiler.Service (>= 0.0.87)
    FsPickler (1.0.16)
    FsReveal (0.7.2)
      FSharp.Formatting (>= 2.7.5)
    Suave (0.26.1)
      FSharp.Core (>= 3.1.2.1)
      FsPickler (>= 1.0.7)
